GEM
  remote: https://rubygems.org/
  specs:
    chunky_png (1.3.0)
    compass (0.12.4)
      chunky_png (~> 1.2)
      fssm (>= 0.2.7)
      sass (~> 3.2.17)
    dotenv (0.7.0)
    foreman (0.67.0)
      dotenv (~> 0.7.0)
      thor (~> 0.17.0)
    fssm (0.2.10)
    sass (3.2.18)
    thor (0.17.0)

PLATFORMS
  ruby

DEPENDENCIES
  compass
  foreman
